GIT
  remote: git://github.com/dazoakley/ols.git
  revision: 1c7e22c36f74e188001dfe3e2c6fb7304f35a069
  branch: db_cache_sanger
  specs:
    ols (0.4.0)
      savon

GEM
  remote: http://rubygems.org/
  specs:
    POpen4 (0.1.4)
      Platform (>= 0.4.0)
      open4
    Platform (0.4.0)
    activesupport (3.1.1)
      multi_json (~> 1.0)
    addressable (2.2.6)
    akami (1.0.0)
      gyoku (>= 0.4.0)
    awesome_print (0.4.0)
    biomart (0.2.3)
      builder (>= 3.0)
    bson (1.3.1)
    bson_ext (1.3.1)
    builder (3.0.0)
    capybara (1.1.1)
      mime-types (>= 1.16)
      nokogiri (>= 1.3.3)
      rack (>= 1.0.0)
      rack-test (>= 0.5.4)
      selenium-webdriver (~> 2.0)
      xpath (~> 0.1.4)
    childprocess (0.2.2)
      ffi (~> 1.0.6)
    closure-compiler (1.1.4)
    crack (0.3.1)
    emk-sinatra-url-for (0.2.1)
      sinatra (>= 0.9.1.1)
    erubis (2.7.0)
    ffi (1.0.9)
    gyoku (0.4.4)
      builder (>= 2.1.2)
    hoe (2.12.3)
      rake (~> 0.8)
    hoptoad_notifier (2.4.11)
      activesupport
      builder
    httpi (0.9.5)
      rack
    i18n (0.6.0)
    json (1.6.1)
    json_pure (1.6.1)
    memcache-client (1.8.5)
    mime-types (1.16)
    mini_portile2 (2.8.0)
    mongo (1.3.1)
      bson (= 1.3.1)
    mongo_store (0.3.0)
      activesupport (>= 2.2)
      mongo (>= 1.0)
    multi_json (1.0.3)
    mysql2 (0.3.10)
    nokogiri (1.13.6)
      mini_portile2 (~> 2.8.0)
      racc (~> 1.4)
    nori (1.0.2)
    open4 (1.2.0)
    parallel (0.5.9)
    racc (1.6.0)
    rack (1.3.5)
    rack-contrib (1.1.0)
      rack (>= 0.9.1)
    rack-protection (1.1.4)
      rack
    rack-test (0.6.1)
      rack (>= 1.0)
    rake (0.9.2)
    rake-remote_task (2.0.5)
      open4 (~> 1.0)
      rake (~> 0.8)
    rubyzip (0.9.4)
    savon (0.9.7)
      akami (~> 1.0)
      builder (>= 2.1.2)
      gyoku (>= 0.4.0)
      httpi (~> 0.9)
      nokogiri (>= 1.4.0)
      nori (~> 1.0)
      wasabi (~> 2.0)
    selenium-webdriver (2.8.0)
      childprocess (>= 0.2.1)
      ffi (>= 1.0.7)
      json_pure
      rubyzip
    sequel (3.29.0)
    shoulda (2.11.3)
    simplecov (0.5.4)
      multi_json (~> 1.0.3)
      simplecov-html (~> 0.5.3)
    simplecov-html (0.5.3)
    simplecov-rcov (0.2.3)
      simplecov (>= 0.4.1)
    sinatra (1.3.1)
      rack (~> 1.3, >= 1.3.4)
      rack-protection (~> 1.1, >= 1.1.2)
      tilt (~> 1.3, >= 1.3.3)
    sinatra-static-assets (0.5.0)
      emk-sinatra-url-for (>= 0.2.1)
      rack (>= 1.0.0)
      sinatra (>= 0.9.1)
    test-unit (2.4.0)
    tilt (1.3.3)
    vcr (1.11.3)
    vlad (2.2.3)
      rake (~> 0.8)
      rake-remote_task (~> 2.0)
    vlad-git (2.2.0)
      vlad (>= 2.1.0)
    wasabi (2.0.0)
      nokogiri (>= 1.4.0)
    webmock (1.7.7)
      addressable (~> 2.2, > 2.2.5)
      crack (>= 0.1.7)
    will_paginate (2.3.16)
    wirble (0.1.3)
    xpath (0.1.4)
      nokogiri (~> 1.3)
    yard (0.7.3)
    yui-compressor (0.9.6)
      POpen4 (>= 0.1.4)

PLATFORMS
  ruby

DEPENDENCIES
  activesupport (~> 3.0)
  awesome_print
  biomart (>= 0.2.0)
  bson_ext
  bundler (>= 1.0.0)
  capybara (>= 0.4.0)
  closure-compiler
  erubis
  hoe
  hoptoad_notifier
  i18n
  json
  memcache-client (>= 1.8)
  mongo
  mongo_store
  mysql2
  ols!
  parallel
  rack (>= 1.0)
  rack-contrib
  rack-test (>= 0.5)
  sequel
  shoulda (>= 2.11)
  simplecov
  simplecov-rcov
  sinatra (~> 1.0)
  sinatra-static-assets (~> 0.5)
  test-unit
  vcr (>= 1.1)
  vlad
  vlad-git
  webmock
  will_paginate (~> 2.3)
  win32-open3-19
  wirble
  yard
  yui-compressor
