GEM
  remote: http://rubygems.org/
  specs:
    POpen4 (0.1.4)
      Platform (>= 0.4.0)
      open4
    Platform (0.4.0)
    abstract (1.0.0)
    activesupport (3.0.5)
    addressable (2.2.4)
    awesome_print (0.3.2)
    biomart (0.2.2)
      builder
    bson (1.2.4)
    bson_ext (1.2.4)
    builder (3.0.0)
    capybara (0.4.1.2)
      celerity (>= 0.7.9)
      culerity (>= 0.2.4)
      mime-types (>= 1.16)
      nokogiri (>= 1.3.3)
      rack (>= 1.0.0)
      rack-test (>= 0.5.4)
      selenium-webdriver (>= 0.0.27)
      xpath (~> 0.1.3)
    celerity (0.8.9)
    childprocess (0.1.8)
      ffi (~> 1.0.6)
    closure-compiler (1.1.1)
    crack (0.1.8)
    culerity (0.2.15)
    emk-sinatra-url-for (0.2.1)
      sinatra (>= 0.9.1.1)
    erubis (2.6.6)
      abstract (>= 1.0.0)
    ffi (1.0.7)
      rake (>= 0.8.7)
    hoptoad_notifier (2.4.9)
      activesupport
      builder
    i18n (0.5.0)
    json (1.5.1)
    json_pure (1.5.1)
    memcache-client (1.8.5)
    mime-types (1.16)
    mongo (1.2.4)
      bson (>= 1.2.4)
    mongo_store (0.3.0)
      activesupport (>= 2.2)
      mongo (>= 1.0)
    mysql2 (0.2.7)
    newrelic_rpm (3.0.0)
    nokogiri (1.4.4)
    open4 (1.0.1)
    parallel (0.5.3)
    rack (1.2.2)
    rack-contrib (1.1.0)
      rack (>= 0.9.1)
    rack-test (0.6.0)
      rack (>= 1.0)
    rake (0.8.7)
    rubytree (0.8.1)
    rubyzip (0.9.4)
    selenium-webdriver (0.2.0)
      childprocess (>= 0.1.7)
      ffi (>= 1.0.7)
      json_pure
      rubyzip
    sequel (3.21.0)
    shoulda (2.11.3)
    simplecov (0.4.1)
      simplecov-html (~> 0.4.3)
    simplecov-html (0.4.3)
    simplecov-rcov (0.2.0)
    sinatra (1.2.6)
      rack (~> 1.1)
      tilt (< 2.0, >= 1.2.2)
    sinatra-static-assets (0.5.0)
      emk-sinatra-url-for (>= 0.2.1)
      rack (>= 1.0.0)
      sinatra (>= 0.9.1)
    test-unit (2.2.0)
    tilt (1.3)
    vcr (1.7.2)
    vlad (1.4.0)
      open4
      rake (>= 0.8.1)
    vlad-git (2.1.0)
    webmock (1.6.2)
      addressable (>= 2.2.2)
      crack (>= 0.1.7)
    will_paginate (2.3.15)
    wirble (0.1.3)
    xpath (0.1.4)
      nokogiri (~> 1.3)
    yard (0.6.5)
    yui-compressor (0.9.6)
      POpen4 (>= 0.1.4)

PLATFORMS
  ruby

DEPENDENCIES
  activesupport (>= 3.0)
  awesome_print
  biomart (>= 0.2.0)
  bson_ext
  builder (~> 3.0)
  bundler (>= 1.0.0)
  capybara (>= 0.4.0)
  closure-compiler
  erubis
  hoptoad_notifier
  i18n
  json
  memcache-client (>= 1.8)
  mongo
  mongo_store
  mysql2
  newrelic_rpm
  parallel
  rack (>= 1.0)
  rack-contrib
  rack-test (>= 0.5)
  rubytree (~> 0.7)
  sequel (~> 3.0)
  shoulda (>= 2.11)
  simplecov
  simplecov-rcov
  sinatra (~> 1.0)
  sinatra-static-assets
  test-unit
  vcr (>= 1.1)
  vlad
  vlad-git
  webmock
  will_paginate (~> 2.3)
  wirble
  yard
  yui-compressor
