GEM
  remote: http://rubygems.org/
  specs:
    Saikuro (1.1.0)
    abstract (1.0.0)
    activesupport (3.0.0)
    addressable (2.2.2)
    arrayfields (4.7.4)
    awesome_print (0.2.1)
    biomart (0.2.0)
      builder
    bson (1.1.1)
    bson_ext (1.1.1)
    builder (2.1.2)
    capistrano (2.5.19)
      highline
      net-scp (>= 1.0.0)
      net-sftp (>= 2.0.0)
      net-ssh (>= 2.0.14)
      net-ssh-gateway (>= 1.0.0)
    capistrano-ext (1.2.1)
      capistrano (>= 1.0.0)
    capybara (0.3.9)
      culerity (>= 0.2.4)
      mime-types (>= 1.16)
      nokogiri (>= 1.3.3)
      rack (>= 1.0.0)
      rack-test (>= 0.5.4)
      selenium-webdriver (>= 0.0.3)
    chronic (0.2.3)
      hoe (>= 1.2.1)
    churn (0.0.12)
      chronic (~> 0.2.3)
      hirb
      json_pure
      main
      ruby_parser (~> 2.0.4)
      sexp_processor (~> 3.0.3)
    closure-compiler (0.3.2)
    crack (0.1.8)
    culerity (0.2.12)
    emk-sinatra-url-for (0.2.1)
      sinatra (>= 0.9.1.1)
    erubis (2.6.6)
      abstract (>= 1.0.0)
    fattr (2.1.0)
    ffi (0.6.3)
      rake (>= 0.8.7)
    flay (1.4.1)
      ruby_parser (~> 2.0)
      sexp_processor (~> 3.0)
    flog (2.5.0)
      ruby_parser (~> 2.0)
      sexp_processor (~> 3.0)
    highline (1.6.1)
    hirb (0.3.4)
    hoe (2.6.2)
      rake (>= 0.8.7)
      rubyforge (>= 2.0.4)
    hoptoad_notifier (2.3.8)
      activesupport
    json (1.4.6)
    json_pure (1.4.6)
    main (4.2.0)
      arrayfields (>= 4.7.4)
      fattr (>= 2.1.0)
    memcache-client (1.8.5)
    metric_fu (1.5.1)
      Saikuro (>= 1.1.0)
      activesupport (>= 2.0.0)
      chronic (>= 0.2.3)
      churn (>= 0.0.7)
      flay (>= 1.2.1)
      flog (>= 2.2.0)
      rails_best_practices (>= 0.3.16)
      rcov (>= 0.8.3.3)
      reek (>= 1.2.6)
      roodi (>= 2.1.0)
    mime-types (1.16)
    mongo (1.1.1)
      bson (>= 1.1.1)
    mongo_store (0.3.0)
      activesupport (>= 2.2)
      mongo (>= 1.0)
    mysql (2.8.1)
    net-scp (1.0.4)
      net-ssh (>= 1.99.1)
    net-sftp (2.0.5)
      net-ssh (>= 2.0.9)
    net-ssh (2.0.23)
    net-ssh-gateway (1.0.1)
      net-ssh (>= 1.99.1)
    newrelic_rpm (2.13.2)
    nokogiri (1.4.3.1)
    parallel (0.4.4)
    rack (1.2.1)
    rack-contrib (1.0.1)
      rack (>= 0.9.1)
    rack-test (0.5.6)
      rack (>= 1.0)
    rails_best_practices (0.4.0)
      ruby2ruby (>= 1.2.4)
      ruby_parser (>= 2.0.4)
    railsless-deploy (1.0.2)
    rake (0.8.7)
    rcov (0.9.9)
    reek (1.2.8)
      ruby2ruby (~> 1.2)
      ruby_parser (~> 2.0)
      sexp_processor (~> 3.0)
    roodi (2.1.0)
      ruby_parser
    ruby2ruby (1.2.5)
      ruby_parser (~> 2.0)
      sexp_processor (~> 3.0)
    ruby_parser (2.0.5)
      sexp_processor (~> 3.0)
    rubyforge (2.0.4)
      json_pure (>= 1.1.7)
    rubytree (0.8.1)
    rubyzip (0.9.4)
    selenium-webdriver (0.0.28)
      ffi (>= 0.6.1)
      json_pure
      rubyzip
    sequel (3.17.0)
    sexp_processor (3.0.5)
    shoulda (2.11.3)
    simplecov (0.3.6)
      simplecov-html (>= 0.3.7)
    simplecov-html (0.3.8)
    sinatra (1.0)
      rack (>= 1.0)
    sinatra-static-assets (0.5.0)
      emk-sinatra-url-for (>= 0.2.1)
      rack (>= 1.0.0)
      sinatra (>= 0.9.1)
    vcr (1.2.0)
    webmock (1.4.0)
      addressable (>= 2.2.2)
      crack (>= 0.1.7)
    will_paginate (2.3.15)
    wirble (0.1.3)
    yard (0.6.1)
    yui-compressor (0.9.1)

PLATFORMS
  ruby

DEPENDENCIES
  activesupport (>= 2.3)
  awesome_print
  biomart (>= 0.2.0)
  bson_ext
  builder (~> 2.1)
  bundler (>= 1.0.0)
  capistrano (>= 2.5)
  capistrano-ext
  capybara (>= 0.3.9)
  closure-compiler
  erubis
  hoptoad_notifier
  json
  memcache-client (>= 1.8)
  metric_fu
  mongo_store
  mysql
  newrelic_rpm
  parallel
  rack (>= 1.0)
  rack-contrib
  rack-test (>= 0.5)
  railsless-deploy
  rcov
  rubytree (~> 0.7)
  sequel (~> 3.0)
  shoulda (>= 2.11)
  simplecov
  sinatra (~> 1.0)
  sinatra-static-assets
  vcr (>= 1.1)
  webmock
  will_paginate (~> 2.3)
  wirble
  yard
  yui-compressor
