GEM
  remote: http://rubygems.org/
  specs:
    abstract (1.0.0)
    activesupport (3.0.4)
    addressable (2.2.3)
    awesome_print (0.3.2)
    biomart (0.2.2)
      builder
    bson (1.2.1)
    bson_ext (1.2.1)
    builder (2.1.2)
    capistrano (2.5.19)
      highline
      net-scp (>= 1.0.0)
      net-sftp (>= 2.0.0)
      net-ssh (>= 2.0.14)
      net-ssh-gateway (>= 1.0.0)
    capistrano-ext (1.2.1)
      capistrano (>= 1.0.0)
    capybara (0.4.1.2)
      celerity (>= 0.7.9)
      culerity (>= 0.2.4)
      mime-types (>= 1.16)
      nokogiri (>= 1.3.3)
      rack (>= 1.0.0)
      rack-test (>= 0.5.4)
      selenium-webdriver (>= 0.0.27)
      xpath (~> 0.1.3)
    celerity (0.8.7)
    childprocess (0.1.6)
      ffi (~> 0.6.3)
    closure-compiler (1.0.0)
    crack (0.1.8)
    culerity (0.2.15)
    emk-sinatra-url-for (0.2.1)
      sinatra (>= 0.9.1.1)
    erubis (2.6.6)
      abstract (>= 1.0.0)
    ffi (0.6.3)
      rake (>= 0.8.7)
    highline (1.6.1)
    hoptoad_notifier (2.4.5)
      activesupport
      builder
    i18n (0.5.0)
    json (1.5.1)
    json_pure (1.5.1)
    memcache-client (1.8.5)
    mime-types (1.16)
    mongo (1.2.1)
      bson (>= 1.2.1)
    mongo_store (0.3.0)
      activesupport (>= 2.2)
      mongo (>= 1.0)
    mysql2 (0.2.6)
    net-scp (1.0.4)
      net-ssh (>= 1.99.1)
    net-sftp (2.0.5)
      net-ssh (>= 2.0.9)
    net-ssh (2.0.23)
    net-ssh-gateway (1.0.1)
      net-ssh (>= 1.99.1)
    newrelic_rpm (2.13.4)
    nokogiri (1.4.4)
    parallel (0.5.1)
    rack (1.2.1)
    rack-contrib (1.1.0)
      rack (>= 0.9.1)
    rack-test (0.5.7)
      rack (>= 1.0)
    railsless-deploy (1.0.2)
    rake (0.8.7)
    rubytree (0.8.1)
    rubyzip (0.9.4)
    selenium-webdriver (0.1.2)
      childprocess (~> 0.1.5)
      ffi (~> 0.6.3)
      json_pure
      rubyzip
    sequel (3.20.0)
    shoulda (2.11.3)
    simplecov (0.4.0)
      simplecov-html (~> 0.4.0)
    simplecov-html (0.4.3)
    simplecov-rcov (0.1.4)
      simplecov
    sinatra (1.1.2)
      rack (~> 1.1)
      tilt (~> 1.2)
    sinatra-static-assets (0.5.0)
      emk-sinatra-url-for (>= 0.2.1)
      rack (>= 1.0.0)
      sinatra (>= 0.9.1)
    test-unit (2.2.0)
    tilt (1.2.2)
    vcr (1.6.0)
    webmock (1.6.2)
      addressable (>= 2.2.2)
      crack (>= 0.1.7)
    will_paginate (2.3.15)
    wirble (0.1.3)
    xpath (0.1.3)
      nokogiri (~> 1.3)
    yard (0.6.4)
    yui-compressor (0.9.3)

PLATFORMS
  ruby

DEPENDENCIES
  activesupport (>= 3.0)
  awesome_print
  biomart (>= 0.2.0)
  bson_ext
  builder (~> 2.1)
  bundler (>= 1.0.0)
  capistrano (>= 2.5)
  capistrano-ext
  capybara (>= 0.4.0)
  closure-compiler
  erubis
  hoptoad_notifier
  i18n
  json
  memcache-client (>= 1.8)
  mongo
  mongo_store
  mysql2
  newrelic_rpm
  parallel
  rack (>= 1.0)
  rack-contrib
  rack-test (>= 0.5)
  railsless-deploy
  rubytree (~> 0.7)
  sequel (~> 3.0)
  shoulda (>= 2.11)
  simplecov
  simplecov-rcov
  sinatra (~> 1.0)
  sinatra-static-assets
  test-unit
  vcr (>= 1.1)
  webmock
  will_paginate (~> 2.3)
  wirble
  yard
  yui-compressor
